GEM
  remote: https://rubygems.org/
  specs:
    to_words (1.1.1)

PLATFORMS
  ruby

DEPENDENCIES
  to_words (~> 1.1, >= 1.1.1)

RUBY VERSION
   ruby 2.3.1p112

BUNDLED WITH
   1.16.0
